GIT
  remote: https://github.com/bastiaanterhorst/rich.git
  revision: 02cec78fac2d78499222c07cf25a28a2a7257962
  specs:
    rich (1.4.7)
      jquery-rails
      kaminari
      mime-types
      rack-raw-upload
      rails (>= 3.2.0)
      sass-rails

GIT
  remote: https://github.com/musicglue/kaminari.git
  revision: 08e76e76024945bea06be53208e12c9ef337a737
  specs:
    kaminari (0.14.1)
      actionpack (>= 3.0.0)
      activesupport (>= 3.0.0)

GEM
  remote: https://rubygems.org/
  specs:
    actionmailer (4.0.3)
      actionpack (= 4.0.3)
      mail (~> 2.5.4)
    actionpack (4.0.3)
      activesupport (= 4.0.3)
      builder (~> 3.1.0)
      erubis (~> 2.7.0)
      rack (~> 1.5.2)
      rack-test (~> 0.6.2)
    activemodel (4.0.3)
      activesupport (= 4.0.3)
      builder (~> 3.1.0)
    activerecord (4.0.3)
      activemodel (= 4.0.3)
      activerecord-deprecated_finders (~> 1.0.2)
      activesupport (= 4.0.3)
      arel (~> 4.0.0)
    activerecord-deprecated_finders (1.0.3)
    activesupport (4.0.3)
      i18n (~> 0.6, >= 0.6.4)
      minitest (~> 4.2)
      multi_json (~> 1.3)
      thread_safe (~> 0.1)
      tzinfo (~> 0.3.37)
    acts_as_commentable_with_threading (1.2.0)
      activerecord (>= 3.0)
      activesupport (>= 3.0)
      awesome_nested_set (>= 2.0)
    arel (4.0.2)
    atomic (1.1.16)
    auto_html (1.6.2)
      redcarpet (~> 3.1)
      rinku (~> 1.5.0)
    awesome_nested_set (2.1.6)
      activerecord (>= 3.0.0)
    bcrypt (3.1.7)
    bootstrap-wysihtml5-rails (0.3.1.23)
      railties (>= 3.0)
    builder (3.1.4)
    cancan (1.6.10)
    carrierwave (0.10.0)
      activemodel (>= 3.2.0)
      activesupport (>= 3.2.0)
      json (>= 1.7)
      mime-types (>= 1.16)
    carrierwave_backgrounder (0.3.0)
      carrierwave (~> 0.5)
    celluloid (0.15.2)
      timers (~> 1.1.0)
    ckeditor (4.0.10)
      mime-types
      orm_adapter (~> 0.5.0)
    coffee-rails (4.0.1)
      coffee-script (>= 2.2.0)
      railties (>= 4.0.0, < 5.0)
    coffee-script (2.2.0)
      coffee-script-source
      execjs
    coffee-script-source (1.7.0)
    connection_pool (2.0.0)
    devise (3.2.4)
      bcrypt (~> 3.0)
      orm_adapter (~> 0.1)
      railties (>= 3.2.6, < 5)
      thread_safe (~> 0.1)
      warden (~> 1.2.3)
    erubis (2.7.0)
    excon (0.32.1)
    execjs (2.0.2)
    fog (1.21.0)
      fog-brightbox
      fog-core (~> 1.21, >= 1.21.1)
      fog-json
      nokogiri (~> 1.5, >= 1.5.11)
    fog-brightbox (0.0.1)
      fog-core
      fog-json
    fog-core (1.21.1)
      builder
      excon (~> 0.32)
      formatador (~> 0.2.0)
      mime-types
      net-scp (~> 1.1)
      net-ssh (>= 2.1.3)
    fog-json (1.0.0)
      multi_json (~> 1.0)
    font-awesome-rails (4.0.3.1)
      railties (>= 3.2, < 5.0)
    formatador (0.2.4)
    haml (4.0.5)
      tilt
    haml-rails (0.5.3)
      actionpack (>= 4.0.1)
      activesupport (>= 4.0.1)
      haml (>= 3.1, < 5.0)
      railties (>= 4.0.1)
    hike (1.2.3)
    i18n (0.6.9)
    jbuilder (1.5.3)
      activesupport (>= 3.0.0)
      multi_json (>= 1.2.0)
    jquery-rails (3.1.0)
      railties (>= 3.0, < 5.0)
      thor (>= 0.14, < 2.0)
    jquery-ui-rails (4.2.0)
      railties (>= 3.2.16)
    json (1.8.1)
    kgio (2.9.2)
    mail (2.5.4)
      mime-types (~> 1.16)
      treetop (~> 1.4.8)
    mime-types (1.25.1)
    mini_magick (3.7.0)
      subexec (~> 0.2.1)
    mini_portile (0.5.3)
    minitest (4.7.5)
    multi_json (1.9.2)
    nested_form (0.3.2)
    net-scp (1.1.2)
      net-ssh (>= 2.6.5)
    net-ssh (2.8.0)
    nokogiri (1.6.1)
      mini_portile (~> 0.5.0)
    orm_adapter (0.5.0)
    paper_trail (3.0.1)
      activerecord (>= 3.0, < 5.0)
      activesupport (>= 3.0, < 5.0)
    pg (0.17.1)
    polyglot (0.3.4)
    rack (1.5.2)
    rack-pjax (0.7.0)
      nokogiri (~> 1.5)
      rack (~> 1.3)
    rack-raw-upload (1.1.1)
      multi_json
    rack-test (0.6.2)
      rack (>= 1.0)
    rails (4.0.3)
      actionmailer (= 4.0.3)
      actionpack (= 4.0.3)
      activerecord (= 4.0.3)
      activesupport (= 4.0.3)
      bundler (>= 1.3.0, < 2.0)
      railties (= 4.0.3)
      sprockets-rails (~> 2.0.0)
    rails_12factor (0.0.2)
      rails_serve_static_assets
      rails_stdout_logging
    rails_admin (0.6.1)
      builder (~> 3.1)
      coffee-rails (~> 4.0)
      font-awesome-rails (>= 3.0)
      haml (~> 4.0)
      jquery-rails (~> 3.0)
      jquery-ui-rails (~> 4.0)
      kaminari (~> 0.14)
      nested_form (~> 0.3)
      rack-pjax (~> 0.7)
      rails (~> 4.0)
      remotipart (~> 1.0)
      safe_yaml (~> 1.0)
      sass-rails (~> 4.0)
    rails_admin_jcrop (1.2.1)
      mini_magick
      rails (>= 3.0.0)
      rails_admin (>= 0.3.0)
    rails_serve_static_assets (0.0.2)
    rails_stdout_logging (0.0.3)
    railties (4.0.3)
      actionpack (= 4.0.3)
      activesupport (= 4.0.3)
      rake (>= 0.8.7)
      thor (>= 0.18.1, < 2.0)
    raindrops (0.13.0)
    rake (10.2.1)
    rdoc (4.1.1)
      json (~> 1.4)
    redcarpet (3.1.1)
    redis (3.0.7)
    redis-namespace (1.4.1)
      redis (~> 3.0.4)
    remotipart (1.2.1)
    rinku (1.5.1)
    safe_yaml (1.0.1)
    sanitize (2.1.0)
      nokogiri (>= 1.4.4)
    sass (3.2.18)
    sass-rails (4.0.2)
      railties (>= 4.0.0, < 5.0)
      sass (~> 3.2.0)
      sprockets (~> 2.8, <= 2.11.0)
      sprockets-rails (~> 2.0.0)
    sdoc (0.4.0)
      json (~> 1.8)
      rdoc (~> 4.0, < 5.0)
    shareable (0.0.3)
      actionpack (>= 3.0.0)
      activesupport (>= 3.0.0)
    sidekiq (2.17.7)
      celluloid (>= 0.15.2)
      connection_pool (>= 1.0.0)
      json
      redis (>= 3.0.6)
      redis-namespace (>= 1.3.1)
    simple_form (3.0.1)
      actionpack (>= 4.0.0, < 4.1)
      activemodel (>= 4.0.0, < 4.1)
    sitemap_generator (5.0.1)
      builder
    sprockets (2.11.0)
      hike (~> 1.2)
      multi_json (~> 1.0)
      rack (~> 1.0)
      tilt (~> 1.1, != 1.3.0)
    sprockets-rails (2.0.1)
      actionpack (>= 3.0)
      activesupport (>= 3.0)
      sprockets (~> 2.8)
    subexec (0.2.3)
    thor (0.19.1)
    thread_safe (0.3.1)
      atomic (>= 1.1.7, < 2)
    tilt (1.4.1)
    timeliness (0.3.7)
    timers (1.1.0)
    treetop (1.4.15)
      polyglot
      polyglot (>= 0.3.1)
    turbolinks (2.2.1)
      coffee-rails
    tzinfo (0.3.39)
    uglifier (2.5.0)
      execjs (>= 0.3.0)
      json (>= 1.8.0)
    unf (0.1.3)
      unf_ext
    unf_ext (0.0.6)
    unicorn (4.8.2)
      kgio (~> 2.6)
      rack
      raindrops (~> 0.7)
    validates_formatting_of (0.8.1)
      activemodel (~> 4.0)
    validates_timeliness (3.0.14)
      timeliness (~> 0.3.6)
    warden (1.2.3)
      rack (>= 1.0)

PLATFORMS
  ruby

DEPENDENCIES
  acts_as_commentable_with_threading
  auto_html
  bootstrap-wysihtml5-rails
  cancan
  carrierwave
  carrierwave_backgrounder
  ckeditor
  coffee-rails (~> 4.0.0)
  devise
  fog
  haml
  haml-rails
  jbuilder (~> 1.2)
  jquery-rails
  kaminari!
  mini_magick
  paper_trail
  pg
  rails (= 4.0.3)
  rails_12factor
  rails_admin
  rails_admin_jcrop
  rich!
  sanitize
  sass-rails (~> 4.0.0)
  sdoc
  shareable
  sidekiq
  simple_form
  sitemap_generator
  turbolinks
  uglifier (>= 1.3.0)
  unf
  unicorn
  validates_formatting_of
  validates_timeliness
